GEM
  remote: https://rubygems.org/
  specs:
    ffi (1.13.1)
    listen (3.2.1)
      rb-fsevent (~> 0.10, >= 0.10.3)
      rb-inotify (~> 0.9, >= 0.9.10)
    midilib (2.0.5)
    osc-ruby (1.1.4)
    rb-fsevent (0.10.4)
    rb-inotify (0.10.1)
      ffi (~> 1.0)

PLATFORMS
  ruby

DEPENDENCIES
  listen
  midilib
  osc-ruby

BUNDLED WITH
   2.1.2
